GEM
  remote: https://rubygems.org/
  specs:
    amatch (0.4.0)
      mize
      tins (~> 1.0)
    httparty (0.17.1)
      mime-types (~> 3.0)
      multi_xml (>= 0.5.2)
    mime-types (3.3)
      mime-types-data (~> 3.2015)
    mime-types-data (3.2019.0904)
    mize (0.3.5)
      protocol
    multi_xml (0.6.0)
    mustermann (1.0.3)
    protocol (1.0.1)
      ruby_parser (~> 3.0)
    rack (2.0.7)
    rack-protection (2.0.7)
      rack
    ruby_parser (3.14.0)
      sexp_processor (~> 4.9)
    sexp_processor (4.13.0)
    sinatra (2.0.7)
      mustermann (~> 1.0)
      rack (~> 2.0)
      rack-protection (= 2.0.7)
      tilt (~> 2.0)
    stopwords (0.2)
    tilt (2.0.10)
    tins (1.21.1)

PLATFORMS
  ruby

DEPENDENCIES
  amatch
  httparty
  sinatra
  stopwords

BUNDLED WITH
   2.0.2
